PATH
  remote: .
  specs:
    motion-browser (0.1.0)

GEM
  remote: https://rubygems.org/
  specs:
    rake (10.3.2)

PLATFORMS
  ruby

DEPENDENCIES
  motion-browser!
  rake
